GEM
  remote: https://rubygems.org/
  specs:
    activesupport (3.0.10)
    i18n (0.5.0)
    rack (1.3.2)
    shotgun (0.9)
      rack (>= 1.0)
    sinatra (1.2.6)
      rack (~> 1.1)
      tilt (>= 1.2.2, < 2.0)
    tilt (1.3.2)

PLATFORMS
  ruby

DEPENDENCIES
  activesupport
  i18n
  shotgun
  sinatra
